PATH
  remote: .
  specs:
    chefspec (0.1.0)
      chef (>= 0.9.12, ~> 0.10)
      rspec (>= 2.6.0)

GEM
  remote: http://rubygems.org/
  specs:
    aruba (0.4.3)
      bcat (>= 0.6.1)
      childprocess (>= 0.1.9)
      cucumber (>= 0.10.7)
      rdiscount (>= 1.6.8)
      rspec (>= 2.6.0)
    bcat (0.6.1)
      rack (~> 1.0)
    builder (2.1.2)
    bunny (0.7.4)
    chef (0.10.2)
      bunny (>= 0.6.0)
      erubis
      highline
      json (<= 1.5.2, >= 1.4.4)
      mixlib-authentication (>= 1.1.0)
      mixlib-cli (>= 1.1.0)
      mixlib-config (>= 1.1.2)
      mixlib-log (>= 1.3.0)
      moneta
      net-ssh (~> 2.1.3)
      net-ssh-multi (~> 1.0.1)
      ohai (>= 0.6.0)
      rest-client (< 1.7.0, >= 1.0.4)
      treetop (~> 1.4.9)
      uuidtools
    childprocess (0.1.9)
      ffi (~> 1.0.6)
    cucumber (1.0.1)
      builder (>= 2.1.2)
      diff-lcs (>= 1.1.2)
      gherkin (~> 2.4.5)
      json (>= 1.4.6)
      term-ansicolor (>= 1.0.5)
    diff-lcs (1.1.2)
    erubis (2.7.0)
    ffi (1.0.9)
    gherkin (2.4.5)
      json (>= 1.4.6)
    highline (1.6.2)
    i18n (0.5.0)
    json (1.4.6)
    mime-types (1.16)
    mixlib-authentication (1.1.4)
      mixlib-log
    mixlib-cli (1.2.0)
    mixlib-config (1.1.2)
    mixlib-log (1.3.0)
    moneta (0.6.0)
    net-ssh (2.1.4)
    net-ssh-gateway (1.1.0)
      net-ssh (>= 1.99.1)
    net-ssh-multi (1.0.1)
      net-ssh (>= 1.99.2)
      net-ssh-gateway (>= 0.99.0)
    ohai (0.6.4)
      mixlib-cli
      mixlib-config
      mixlib-log
      systemu
      yajl-ruby
    polyglot (0.3.2)
    rack (1.3.1)
    rake (0.8.7)
    rcov (0.9.9)
    rdiscount (1.6.8)
    rest-client (1.6.3)
      mime-types (>= 1.16)
    rspec (2.6.0)
      rspec-core (~> 2.6.0)
      rspec-expectations (~> 2.6.0)
      rspec-mocks (~> 2.6.0)
    rspec-core (2.6.4)
    rspec-expectations (2.6.0)
      diff-lcs (~> 1.1.2)
    rspec-mocks (2.6.0)
    systemu (2.2.0)
    term-ansicolor (1.0.5)
    treetop (1.4.10)
      polyglot
      polyglot (>= 0.3.1)
    uuidtools (2.1.2)
    yajl-ruby (0.8.2)
    yard (0.7.2)

PLATFORMS
  ruby

DEPENDENCIES
  aruba (>= 0.4.3)
  chefspec!
  cucumber (>= 1.0.1)
  i18n (>= 0.5.0)
  rake (>= 0.8.7)
  rcov (>= 0.9.9)
  yard (>= 0.7.2)
