PATH
  remote: .
  specs:
    chefspec (0.0.2)
      chef (= 0.9.12)
      rspec (>= 2.6.0)

GEM
  remote: http://rubygems.org/
  specs:
    aruba (0.4.3)
      bcat (>= 0.6.1)
      childprocess (>= 0.1.9)
      cucumber (>= 0.10.7)
      rdiscount (>= 1.6.8)
      rspec (>= 2.6.0)
    bcat (0.6.1)
      rack (~> 1.0)
    builder (2.1.2)
    bunny (0.7.4)
    chef (0.9.12)
      bunny (>= 0.6.0)
      erubis
      extlib
      highline
      json (<= 1.4.6, >= 1.4.4)
      mixlib-authentication (>= 1.1.0)
      mixlib-cli (>= 1.1.0)
      mixlib-config (>= 1.1.2)
      mixlib-log (>= 1.2.0)
      moneta
      ohai (>= 0.5.7)
      rest-client (< 1.7.0, >= 1.0.4)
      uuidtools
    childprocess (0.1.9)
      ffi (~> 1.0.6)
    cucumber (1.0.1)
      builder (>= 2.1.2)
      diff-lcs (>= 1.1.2)
      gherkin (~> 2.4.5)
      json (>= 1.4.6)
      term-ansicolor (>= 1.0.5)
    diff-lcs (1.1.2)
    erubis (2.7.0)
    extlib (0.9.15)
    ffi (1.0.9)
    gherkin (2.4.5)
      json (>= 1.4.6)
    highline (1.6.2)
    i18n (0.5.0)
    json (1.4.6)
    mime-types (1.16)
    mixlib-authentication (1.1.4)
      mixlib-log
    mixlib-cli (1.2.0)
    mixlib-config (1.1.2)
    mixlib-log (1.3.0)
    moneta (0.6.0)
    ohai (0.6.4)
      mixlib-cli
      mixlib-config
      mixlib-log
      systemu
      yajl-ruby
    rack (1.3.1)
    rake (0.8.7)
    rcov (0.9.9)
    rdiscount (1.6.8)
    rest-client (1.6.3)
      mime-types (>= 1.16)
    rspec (2.6.0)
      rspec-core (~> 2.6.0)
      rspec-expectations (~> 2.6.0)
      rspec-mocks (~> 2.6.0)
    rspec-core (2.6.4)
    rspec-expectations (2.6.0)
      diff-lcs (~> 1.1.2)
    rspec-mocks (2.6.0)
    systemu (2.2.0)
    term-ansicolor (1.0.5)
    uuidtools (2.1.2)
    yajl-ruby (0.8.2)
    yard (0.7.2)

PLATFORMS
  ruby

DEPENDENCIES
  aruba (>= 0.4.3)
  chefspec!
  cucumber (>= 1.0.1)
  i18n (>= 0.5.0)
  rake (>= 0.8.7)
  rcov (>= 0.9.9)
  yard (>= 0.7.2)
